GEM
  remote: https://rubygems.org/
  specs:
    backports (3.11.1)
    haml (5.0.4)
      temple (>= 0.8.0)
      tilt
    httparty (0.15.7)
      multi_xml (>= 0.5.2)
    multi_json (1.13.1)
    multi_xml (0.6.0)
    mustermann (1.0.1)
    rack (2.0.4)
    rack-protection (2.0.0)
      rack
    sinatra (2.0.0)
      mustermann (~> 1.0)
      rack (~> 2.0)
      rack-protection (= 2.0.0)
      tilt (~> 2.0)
    sinatra-contrib (2.0.0)
      backports (>= 2.0)
      multi_json
      mustermann (~> 1.0)
      rack-protection (= 2.0.0)
      sinatra (= 2.0.0)
      tilt (>= 1.3, < 3)
    temple (0.8.0)
    tilt (2.0.8)

PLATFORMS
  ruby

DEPENDENCIES
  haml
  httparty
  sinatra
  sinatra-contrib

BUNDLED WITH
   1.16.1
